GEM
  remote: https://rubygems.org/
  specs:
    jasmine (2.0.0.rc5)
      jasmine-core (~> 2.0.0.rc5)
      phantomjs
      rack (>= 1.2.1)
      rake
    jasmine-core (2.0.0.rc5)
    phantomjs (1.9.2.0)
    rack (1.5.2)
    rake (10.1.0)

PLATFORMS
  ruby

DEPENDENCIES
  jasmine (>= 2.0.0.rc5)
  rake
